GEM
  remote: http://ruby.taobao.org/
  specs:
    colorize (0.5.8)
    daemons (1.1.9)
    ffi (1.9.0)
    gem-this (0.3.7)
    haml (3.1.7)
    listen (0.6.0)
    rb-inotify (0.9.0)
      ffi (>= 0.5.0)
    string_utf8 (0.1)
    test-unit (2.5.3)

PLATFORMS
  ruby

DEPENDENCIES
  colorize
  daemons
  gem-this
  haml
  listen
  rb-inotify (~> 0.9)
  string_utf8
  test-unit
