GEM
  remote: http://rubygems.org/
  specs:
    colorize (0.5.8)
    ffi (1.0.11)
    haml (3.1.7)
    rack (1.4.1)
    rack-protection (1.3.2)
      rack
    rb-inotify (0.8.8)
      ffi (>= 0.5.0)
    sinatra (1.3.3)
      rack (~> 1.3, >= 1.3.6)
      rack-protection (~> 1.2)
      tilt (~> 1.3, >= 1.3.3)
    tilt (1.3.3)

PLATFORMS
  ruby

DEPENDENCIES
  colorize
  haml
  rb-inotify
  sinatra
