GEM
  remote: http://rubygems.org/
  specs:
    colorize (0.5.8)
    listen (0.6.0)
    test-unit (2.5.3)

PLATFORMS
  ruby

DEPENDENCIES
  colorize
  listen
  test-unit
