GEM
  remote: http://rubygems.org/
  specs:
    colorize (0.5.8)
    ffi (1.0.11)
    rb-inotify (0.8.8)
      ffi (>= 0.5.0)
    test-unit (2.5.3)

PLATFORMS
  ruby

DEPENDENCIES
  colorize
  rb-inotify
  test-unit
