PATH
  remote: .
  specs:
    auto_response (0.1.8)
      colorize
      daemons (~> 1.1.9)
      listen (~> 2.0)
      ptools
      rb-inotify (~> 0.9)
      string_utf8

GEM
  remote: http://rubygems.org/
  specs:
    celluloid (0.15.2)
      timers (~> 1.1.0)
    colorize (0.7.3)
    daemons (1.1.9)
    ffi (1.9.3)
    json (1.8.1)
    listen (2.7.9)
      celluloid (>= 0.15.2)
      rb-fsevent (>= 0.9.3)
      rb-inotify (>= 0.9)
    ptools (1.2.4)
    rake (10.3.2)
    rb-fsevent (0.9.4)
    rb-inotify (0.9.5)
      ffi (>= 0.5.0)
    rdoc (4.1.1)
      json (~> 1.4)
    string_utf8 (0.1.1)
    timers (1.1.0)

PLATFORMS
  ruby

DEPENDENCIES
  auto_response!
  rake
  rdoc
