GEM
  remote: http://rubygems.org/
  specs:
    addressable (2.2.8)
    colorize (0.5.8)
    em-websocket (0.3.6)
      addressable (>= 2.1.1)
      eventmachine (>= 0.12.9)
    eventmachine (0.12.10)
    ffi (1.0.11)
    rb-inotify (0.8.8)
      ffi (>= 0.5.0)

PLATFORMS
  ruby

DEPENDENCIES
  colorize
  em-websocket
  rb-inotify
